GEM
  remote: http://rubygems.org/
  specs:
    builder (3.0.0)
    cucumber (1.2.1)
      builder (>= 2.1.2)
      diff-lcs (>= 1.1.3)
      gherkin (~> 2.11.0)
      json (>= 1.4.6)
    diff-lcs (1.1.3)
    dotenv (0.1.1)
    gherkin (2.11.2)
      json (>= 1.4.6)
    httparty (0.8.3)
      multi_json (~> 1.0)
      multi_xml
    json (1.7.5)
    multi_json (1.3.6)
    multi_xml (0.5.1)
    rspec-expectations (2.11.2)
      diff-lcs (~> 1.1.3)

PLATFORMS
  ruby

DEPENDENCIES
  cucumber
  dotenv
  httparty
  rspec-expectations
